PATH
  remote: .
  specs:
    fluent-plugin-azuremonitormetrics (0.0.4)
      azure_mgmt_monitor (~> 0.17.5)
      fluentd (~> 1.7.4)

GEM
  remote: https://rubygems.org/
  specs:
    azure_mgmt_monitor (0.17.5)
      ms_rest_azure (~> 0.11.1)
    certstore_c (0.1.6)
    concurrent-ruby (1.1.5)
    cool.io (1.5.4-x64-mingw32)
    dig_rb (1.0.1)
    domain_name (0.5.20190701)
      unf (>= 0.0.5, < 1.0.0)
    faraday (0.17.1)
      multipart-post (>= 1.2, < 3)
    faraday-cookie_jar (0.0.6)
      faraday (>= 0.7.4)
      http-cookie (~> 1.0.0)
    ffi (1.11.3-x64-mingw32)
    ffi-win32-extensions (1.0.3)
      ffi
    fluentd (1.7.4-x64-mingw32)
      certstore_c (~> 0.1.2)
      cool.io (>= 1.4.5, < 2.0.0)
      dig_rb (~> 1.0.0)
      http_parser.rb (>= 0.5.1, < 0.7.0)
      msgpack (>= 1.2.0, < 2.0.0)
      serverengine (>= 2.0.4, < 3.0.0)
      sigdump (~> 0.2.2)
      strptime (>= 0.2.2, < 1.0.0)
      tzinfo (~> 2.0)
      tzinfo-data (~> 1.0)
      win32-event (~> 0.6.1)
      win32-ipc (~> 0.6.1)
      win32-service (~> 0.8.3)
      windows-pr (~> 1.2.5)
      yajl-ruby (~> 1.0)
    http-cookie (1.0.3)
      domain_name (~> 0.5)
    http_parser.rb (0.6.0)
    ms_rest (0.7.5)
      concurrent-ruby (~> 1.0)
      faraday (~> 0.9)
      timeliness (~> 0.3.10)
    ms_rest_azure (0.11.1)
      concurrent-ruby (~> 1.0)
      faraday (~> 0.9)
      faraday-cookie_jar (~> 0.0.6)
      ms_rest (~> 0.7.4)
      unf_ext (= 0.0.7.2)
    msgpack (1.3.1-x64-mingw32)
    multipart-post (2.1.1)
    power_assert (1.1.5)
    rake (13.0.1)
    serverengine (2.2.0)
      sigdump (~> 0.2.2)
    sigdump (0.2.4)
    strptime (0.2.3)
    test-unit (3.3.4)
      power_assert
    timeliness (0.3.10)
    tzinfo (2.0.0)
      concurrent-ruby (~> 1.0)
    tzinfo-data (1.2019.3)
      tzinfo (>= 1.0.0)
    unf (0.1.4)
      unf_ext
    unf_ext (0.0.7.2-x64-mingw32)
    win32-api (1.8.0-universal-mingw32)
    win32-event (0.6.3)
      win32-ipc (>= 0.6.0)
    win32-ipc (0.6.6)
      ffi
    win32-service (0.8.10)
      ffi
      ffi-win32-extensions
    windows-api (0.4.4)
      win32-api (>= 1.4.5)
    windows-pr (1.2.6)
      win32-api (>= 1.4.5)
      windows-api (>= 0.4.0)
    yajl-ruby (1.4.1)

PLATFORMS
  x64-mingw32

DEPENDENCIES
  fluent-plugin-azuremonitormetrics!
  rake (~> 13.0.1)
  test-unit (~> 3.3.4)

BUNDLED WITH
   2.0.2
